GEM
  remote: https://rubygems.org/
  specs:
    RedCloth (4.2.9)
    actionmailer (2.3.18)
      actionpack (= 2.3.18)
    actionpack (2.3.18)
      activesupport (= 2.3.18)
      rack (~> 1.1.0)
    activerecord (2.3.18)
      activesupport (= 2.3.18)
    activeresource (2.3.18)
      activesupport (= 2.3.18)
    activesupport (2.3.18)
    chronic (0.10.2)
    cocaine (0.4.2)
    haml (2.2.24)
    has_scope (0.5.1)
    inherited_resources (1.0.6)
      has_scope (~> 0.5.0)
      responders (~> 0.4.6)
    mime-types (1.25.1)
    pacecar (1.5.3)
    paperclip (2.8.0)
      activerecord (>= 2.3.0)
      activesupport (>= 2.3.2)
      cocaine (>= 0.0.2)
      mime-types
    rack (1.1.6)
    rails (2.3.18)
      actionmailer (= 2.3.18)
      actionpack (= 2.3.18)
      activerecord (= 2.3.18)
      activeresource (= 2.3.18)
      activesupport (= 2.3.18)
      rake (>= 0.8.3)
    rake (10.3.1)
    responders (0.4.8)
    ruby-ole (1.2.11.7)
    rubyzip (0.9.9)
    spreadsheet (0.6.9)
      ruby-ole (>= 1.0)
    sqlite3 (1.3.9)
    subdomain-fu (0.5.4)
    whenever (0.9.2)
      activesupport (>= 2.3.4)
      chronic (>= 0.6.3)
    will_paginate (2.3.16)

PLATFORMS
  ruby

DEPENDENCIES
  RedCloth
  haml (= 2.2.24)
  inherited_resources (= 1.0.6)
  mime-types (= 1.25.1)
  pacecar (= 1.5.3)
  paperclip (= 2.8.0)
  rails (= 2.3.18)
  rubyzip (= 0.9.9)
  spreadsheet (= 0.6.9)
  sqlite3
  subdomain-fu
  whenever
  will_paginate (= 2.3.16)
